PATH
  remote: .
  specs:
    searchlogic (2.5.8)
      activerecord (~> 2.3.12)

GEM
  remote: http://rubygems.org/
  specs:
    activerecord (2.3.14)
      activesupport (= 2.3.14)
    activesupport (2.3.14)
    git (1.2.5)
    jeweler (1.8.3)
      bundler (~> 1.0)
      git (>= 1.2.5)
      rake
      rdoc
    json (1.6.5)
    rake (0.9.2.2)
    rdoc (3.12)
      json (~> 1.4)
    rspec (1.3.2)
    sqlite3 (1.3.5)

PLATFORMS
  ruby

DEPENDENCIES
  jeweler
  rspec (~> 1.3.1)
  searchlogic!
  sqlite3
