PATH
  remote: .
  specs:
    searchlogic (2.5.15)
      activerecord (~> 2.3.12)
      activesupport (~> 2.3.12)

GEM
  remote: https://rubygems.org/
  specs:
    activerecord (2.3.18)
      activesupport (= 2.3.18)
    activesupport (2.3.18)
    appraisal (0.4.1)
      bundler
      rake
    coderay (1.1.0)
    method_source (0.8.2)
    pry (0.9.12.4)
      coderay (~> 1.0)
      method_source (~> 0.8)
      slop (~> 3.4)
    rake (10.1.0)
    rspec (1.3.2)
    slop (3.4.7)
    sqlite3 (1.3.8)
    timecop (0.5.9.2)

PLATFORMS
  ruby

DEPENDENCIES
  appraisal (= 0.4.1)
  pry
  rspec (~> 1.3.1)
  searchlogic!
  sqlite3
  timecop (~> 0.5.9.1)
