PATH
  remote: .
  specs:
    searchlogic (2.5.8)
      activerecord (~> 2.3.12)

GEM
  remote: http://rubygems.org/
  specs:
    activerecord (2.3.12)
      activesupport (= 2.3.12)
    activesupport (2.3.12)
    git (1.2.5)
    jeweler (1.6.4)
      bundler (~> 1.0)
      git (>= 1.2.5)
      rake
    rake (0.9.2)
    rspec (1.3.1)
    sqlite3 (1.3.4)

PLATFORMS
  ruby

DEPENDENCIES
  jeweler
  rspec (= 1.3.1)
  searchlogic!
  sqlite3
